GEM
  remote: http://rubygems.org/
  remote: http://gems.github.com/
  specs:
    actionmailer (2.3.8)
      actionpack (= 2.3.8)
    actionpack (2.3.8)
      activesupport (= 2.3.8)
      rack (~> 1.1.0)
    activerecord (2.3.8)
      activesupport (= 2.3.8)
    activeresource (2.3.8)
      activesupport (= 2.3.8)
    activesupport (2.3.8)
    addressable (2.2.2)
    ai4r (1.9)
    annotate (2.4.0)
    authlogic (2.1.6)
      activesupport
    base58 (0.1.0)
    crack (0.1.8)
    csquares (0.1.0)
    database_cleaner (0.5.2)
    davetroy-geohash (1.1.0)
    em-websocket (0.1.4)
      addressable (>= 2.1.1)
      eventmachine (>= 0.12.9)
    eventmachine (0.12.10)
    geokit (1.5.0)
    httparty (0.6.1)
      crack (= 0.1.8)
    json (1.4.6)
    machinist (2.0.0.beta2)
    mysql (2.8.1)
    oauth (0.4.3)
    oauth-plugin (0.3.14)
      oauth (>= 0.3.5)
    rack (1.1.0)
    rails (2.3.8)
      actionmailer (= 2.3.8)
      actionpack (= 2.3.8)
      activerecord (= 2.3.8)
      activeresource (= 2.3.8)
      activesupport (= 2.3.8)
      rake (>= 0.8.3)
    rake (0.8.7)
    redis (2.1.1)
    rr (1.0.0)
    rspec (1.3.1)
    rspec-rails (1.3.3)
      rack (>= 1.0.0)
      rspec (= 1.3.1)
    system_timer (1.0)

PLATFORMS
  ruby

DEPENDENCIES
  ai4r
  annotate
  authlogic
  base58
  crack
  csquares
  database_cleaner
  davetroy-geohash
  em-websocket
  geokit
  httparty
  json
  machinist (>= 2.0.0.beta1)
  mysql (= 2.8.1)
  oauth
  oauth-plugin
  rails (= 2.3.8)
  redis
  rr
  rspec (= 1.3.1)
  rspec-rails (= 1.3.3)
  system_timer
